GIT
  remote: git://github.com/chrisroberts/rouge.git
  revision: ae046ecb09e960822ea93d17fa49d28ff0aab7d4
  branch: fix/lazyload
  specs:
    rouge (1.3.1)

PATH
  remote: .
  specs:
    fission-app (0.1.12)
      bogo-config
      cells
      content_for_in_controllers
      fission-assets
      fission-data
      lograge
      will_paginate
      will_paginate-bootstrap

GEM
  remote: https://rubygems.org/
  remote: https://fission:8sYl7Bo0ql2OA9OPThUngg@gems.pkgd.io/
  specs:
    actionmailer (4.0.13)
      actionpack (= 4.0.13)
      mail (~> 2.5, >= 2.5.4)
    actionpack (4.0.13)
      activesupport (= 4.0.13)
      builder (~> 3.1.0)
      erubis (~> 2.7.0)
      rack (~> 1.5.2)
      rack-test (~> 0.6.2)
    activemodel (4.0.13)
      activesupport (= 4.0.13)
      builder (~> 3.1.0)
    activerecord (4.0.13)
      activemodel (= 4.0.13)
      activerecord-deprecated_finders (~> 1.0.2)
      activesupport (= 4.0.13)
      arel (~> 4.0.0)
    activerecord-deprecated_finders (1.0.4)
    activesupport (4.0.13)
      i18n (~> 0.6, >= 0.6.9)
      minitest (~> 4.2)
      multi_json (~> 1.3)
      thread_safe (~> 0.1)
      tzinfo (~> 0.3.37)
    addressable (2.3.8)
    annoy (0.5.6)
      highline (>= 1.5.0)
    arel (4.0.2)
    attribute_struct (0.2.16)
    autoprefixer-rails (5.2.0)
      execjs
      json
    batali (0.2.10)
      attribute_struct (~> 0.2.14)
      bogo (~> 0.1.20)
      bogo-cli (~> 0.1.18)
      bogo-config (~> 0.1.10)
      bogo-ui (~> 0.1.6)
      git
      grimoire (~> 0.2.3)
      http (~> 0.8.2)
      rack-cache
    bogo (0.1.26)
      hashie
      multi_json
    bogo-cli (0.1.20)
      bogo (>= 0.1.6)
      bogo-config
      bogo-ui
      slop (~> 3)
    bogo-config (0.1.12)
      attribute_struct
      bogo (>= 0.1.4, < 1.0)
      multi_json
      multi_xml
    bogo-ui (0.1.10)
      bogo
      command_line_reporter
      paint
    bootstrap-sass (3.3.4.1)
      autoprefixer-rails (>= 5.0.0.1)
      sass (>= 3.2.19)
    bootstrap3-datetimepicker-rails (3.0.0.2)
      momentjs-rails (~> 2.5.0)
    bootstrap_form (2.3.0)
    builder (3.1.4)
    capybara (2.4.4)
      mime-types (>= 1.16)
      nokogiri (>= 1.3.3)
      rack (>= 1.0.0)
      rack-test (>= 0.5.4)
      xpath (~> 2.0)
    carnivore (0.3.12)
      bogo-config
      celluloid
      hashie
      multi_json
    cells (3.11.3)
      actionpack (>= 3.0)
      railties (>= 3.0)
      uber (~> 0.0.8)
    celluloid (0.16.0)
      timers (~> 4.0.0)
    chef (12.3.0)
      chef-zero (~> 4.1)
      diff-lcs (~> 1.2, >= 1.2.4)
      erubis (~> 2.7)
      ffi-yajl (>= 1.2, < 3.0)
      highline (~> 1.6, >= 1.6.9)
      mixlib-authentication (~> 1.3)
      mixlib-cli (~> 1.4)
      mixlib-config (~> 2.0)
      mixlib-log (~> 1.3)
      mixlib-shellout (>= 2.0.0.rc.0, < 3.0)
      net-ssh (~> 2.6)
      net-ssh-multi (~> 1.1)
      ohai (~> 8.0)
      plist (~> 3.1.0)
      pry (~> 0.9)
      rspec-core (~> 3.2)
      rspec-expectations (~> 3.2)
      rspec-mocks (~> 3.2)
      rspec_junit_formatter (~> 0.2.0)
      serverspec (~> 2.7)
      specinfra (~> 2.10)
    chef-zero (4.2.2)
      ffi-yajl (>= 1.1, < 3.0)
      hashie (~> 2.0)
      mixlib-log (~> 1.3)
      rack
      uuidtools (~> 2.1)
    childprocess (0.5.6)
      ffi (~> 1.0, >= 1.0.11)
    coderay (1.1.0)
    coffee-rails (4.0.1)
      coffee-script (>= 2.2.0)
      railties (>= 4.0.0, < 5.0)
    coffee-script (2.4.1)
      coffee-script-source
      execjs
    coffee-script-source (1.9.1.1)
    colored (1.2)
    command_line_reporter (3.3.5)
      colored (>= 1.2)
    content_for_in_controllers (0.0.2)
    d3c3-rails (0.1.0)
      rails (>= 4.0)
      rails_javascript_helpers (~> 1.0)
    diff-lcs (1.2.5)
    docile (1.1.5)
    domain_name (0.5.24)
      unf (>= 0.0.5, < 1.0.0)
    drydock (0.6.9)
    elecksee (1.1.6)
      childprocess
      rye
    erubis (2.7.0)
    excon (0.45.3)
    execjs (2.5.2)
    faraday (0.9.1)
      multipart-post (>= 1.2, < 3)
    ffi (1.9.8)
    ffi (1.9.8-java)
    ffi-yajl (2.2.0)
      libyajl2 (~> 1.2)
    ffi-yajl (2.2.0-java)
      ffi (~> 1.5)
      libyajl2 (~> 1.2)
    fission (0.2.4)
      jackal (>= 0.3.4, < 1.0.0)
    fission-app-configs (0.1.4)
      fission-app
      fission-app-services
      fission-data
    fission-app-docs (0.1.2)
      kramdown
    fission-app-jobs (0.1.8)
      d3c3-rails
      fission-app
      fission-app-multiuser
    fission-app-multiuser (0.1.12)
      fission-app
      fission-data
      omniauth (~> 1.1)
      omniauth-github
    fission-app-repositories (0.1.6)
      fission-app
      fission-app-jobs
    fission-app-routes (0.1.2)
      fission-app
      fission-data
    fission-app-services (0.1.2)
      fission-app
      fission-data
    fission-app-static (0.1.3)
      fission-app
      kramdown-rails
    fission-app-stripe (0.2.8)
      kramdown
      rails (~> 4.0.0)
      stripe
    fission-app-woodchuck (0.1.4)
    fission-assets (0.2.0)
      jackal-assets
      rubyzip
    fission-data (0.2.2)
      bogo
      fission (>= 0.1.5)
      hashie
      pg
      sequel
    fission-data (0.2.2-java)
      bogo
      fission (>= 0.1.5)
      hashie
      jdbc-postgres
      sequel
    fission-nellie (0.1.8)
      elecksee
      fission
      jackal-nellie
    fission-package-builder (0.1.14)
      attribute_struct
      childprocess
      elecksee
      fission (>= 0.2.4, < 1.0.0)
      fission-assets
    fog (1.30.0)
      fog-atmos
      fog-aws (~> 0.0)
      fog-brightbox (~> 0.4)
      fog-core (~> 1.27, >= 1.27.4)
      fog-ecloud
      fog-google (>= 0.0.2)
      fog-json
      fog-local
      fog-powerdns (>= 0.1.1)
      fog-profitbricks
      fog-radosgw (>= 0.0.2)
      fog-riakcs
      fog-sakuracloud (>= 0.0.4)
      fog-serverlove
      fog-softlayer
      fog-storm_on_demand
      fog-terremark
      fog-vmfusion
      fog-voxel
      fog-xml (~> 0.1.1)
      ipaddress (~> 0.5)
      nokogiri (~> 1.5, >= 1.5.11)
    fog-atmos (0.1.0)
      fog-core
      fog-xml
    fog-aws (0.4.0)
      fog-core (~> 1.27)
      fog-json (~> 1.0)
      fog-xml (~> 0.1)
      ipaddress (~> 0.8)
    fog-brightbox (0.7.1)
      fog-core (~> 1.22)
      fog-json
      inflecto (~> 0.0.2)
    fog-core (1.30.0)
      builder
      excon (~> 0.45)
      formatador (~> 0.2)
      mime-types
      net-scp (~> 1.1)
      net-ssh (>= 2.1.3)
    fog-ecloud (0.1.1)
      fog-core
      fog-xml
    fog-google (0.0.5)
      fog-core
      fog-json
      fog-xml
    fog-json (1.0.1)
      fog-core (~> 1.0)
      multi_json (~> 1.0)
    fog-local (0.2.1)
      fog-core (~> 1.27)
    fog-powerdns (0.1.1)
      fog-core (~> 1.27)
      fog-json (~> 1.0)
      fog-xml (~> 0.1)
    fog-profitbricks (0.0.2)
      fog-core
      fog-xml
      nokogiri
    fog-radosgw (0.0.4)
      fog-core (>= 1.21.0)
      fog-json
      fog-xml (>= 0.0.1)
    fog-riakcs (0.1.0)
      fog-core
      fog-json
      fog-xml
    fog-sakuracloud (1.0.1)
      fog-core
      fog-json
    fog-serverlove (0.1.2)
      fog-core
      fog-json
    fog-softlayer (0.4.6)
      fog-core
      fog-json
    fog-storm_on_demand (0.1.1)
      fog-core
      fog-json
    fog-terremark (0.1.0)
      fog-core
      fog-xml
    fog-vmfusion (0.1.0)
      fission
      fog-core
    fog-voxel (0.1.0)
      fog-core
      fog-xml
    fog-xml (0.1.2)
      fog-core
      nokogiri (~> 1.5, >= 1.5.11)
    formatador (0.2.5)
    git (1.2.9.1)
    grimoire (0.2.4)
      attribute_struct (>= 0.1.12)
      bogo (~> 0.1.10)
    haml (4.0.6)
      tilt
    hashie (2.1.2)
    highline (1.7.2)
    hike (1.2.3)
    hitimes (1.2.2)
    hitimes (1.2.2-java)
    http (0.8.12)
      addressable (~> 2.3)
      http-cookie (~> 1.0)
      http-form_data (~> 1.0.1)
      http_parser.rb (~> 0.6.0)
    http-cookie (1.0.2)
      domain_name (~> 0.5)
    http-form_data (1.0.1)
    http_parser.rb (0.6.0)
    http_parser.rb (0.6.0-java)
    i18n (0.7.0)
    inflecto (0.0.2)
    ipaddress (0.8.0)
    jackal (0.3.6)
      bogo (>= 0.1.24, < 1.0.0)
      bogo-cli (~> 0.1)
      bogo-config (>= 0.1.12, < 1.0.0)
      carnivore (>= 0.3.12, < 1.0.0)
      childprocess
    jackal-assets (0.1.6)
      bogo (> 0.1.14)
      jackal
      miasma
      miasma-local
      rubyzip
    jackal-code-fetcher (0.1.4)
      git
      jackal (>= 0.3.4, < 1.0.0)
    jackal-github-kit (0.1.4)
      jackal (>= 0.3.4, < 1.0.0)
      octokit
    jackal-nellie (0.1.4)
      jackal (>= 0.3.4, < 1.0.0)
    jackal-slack (0.1.8)
      jackal (>= 0.3.3, < 1.0)
      slack-notifier (~> 1.0)
    jackal-stacks (0.1.4)
      batali
      jackal (>= 0.3.4, < 1.0.0)
      sfn
    jbuilder (1.5.3)
      activesupport (>= 3.0.0)
      multi_json (>= 1.2.0)
    jdbc-postgres (9.4.1200)
    jquery-rails (3.1.2)
      railties (>= 3.0, < 5.0)
      thor (>= 0.14, < 2.0)
    jruby-jars (1.7.20)
    jruby-rack (1.1.13.3)
    json (1.8.2)
    json (1.8.2-java)
    jwt (1.5.0)
    kgio (2.9.3)
    knife-cloudformation (0.2.24)
      chef
      miasma
      net-ssh
      sparkle_formation (~> 0.2.0)
    kramdown (1.7.0)
    kramdown-rails (0.1.4)
      kramdown
    libv8 (3.16.14.7)
    libyajl2 (1.2.0)
    lograge (0.3.2)
      actionpack (>= 3)
      activesupport (>= 3)
      railties (>= 3)
    mail (2.6.3)
      mime-types (>= 1.16, < 3)
    method_source (0.8.2)
    miasma (0.2.26)
      bogo (>= 0.1.20, < 1.0)
      http
      miasma-aws
      miasma-open-stack
      miasma-rackspace
      multi_json
      multi_xml
      xml-simple
    miasma-aws (0.1.14)
    miasma-local (0.1.8)
      mime-types
    miasma-open-stack (0.1.2)
    miasma-rackspace (0.1.2)
      miasma-open-stack
    mime-types (2.6.1)
    mini_portile (0.6.2)
    minitest (4.7.5)
    mixlib-authentication (1.3.0)
      mixlib-log
    mixlib-cli (1.5.0)
    mixlib-config (2.2.1)
    mixlib-log (1.6.0)
    mixlib-shellout (2.1.0)
    momentjs-rails (2.5.1)
      railties (>= 3.1)
    multi_json (1.11.0)
    multi_xml (0.5.5)
    multipart-post (2.0.0)
    net-scp (1.2.1)
      net-ssh (>= 2.6.5)
    net-ssh (2.9.2)
    net-ssh-gateway (1.2.0)
      net-ssh (>= 2.6.5)
    net-ssh-multi (1.2.1)
      net-ssh (>= 2.6.5)
      net-ssh-gateway (>= 1.2.0)
    netrc (0.10.3)
    nokogiri (1.6.6.2)
      mini_portile (~> 0.6.0)
    nokogiri (1.6.6.2-java)
    oauth2 (1.0.0)
      faraday (>= 0.8, < 0.10)
      jwt (~> 1.0)
      multi_json (~> 1.3)
      multi_xml (~> 0.5)
      rack (~> 1.2)
    oauth_simple (0.1.0.pre)
    octokit (3.8.0)
      sawyer (~> 0.6.0, >= 0.5.3)
    ohai (8.4.0)
      ffi (~> 1.9)
      ffi-yajl (>= 1.1, < 3.0)
      ipaddress
      mime-types (~> 2.0)
      mixlib-cli
      mixlib-config (~> 2.0)
      mixlib-log
      mixlib-shellout (~> 2.0)
      rake (~> 10.1)
      systemu (~> 2.6.4)
      wmi-lite (~> 1.0)
    omniauth (1.2.2)
      hashie (>= 1.2, < 4)
      rack (~> 1.0)
    omniauth-github (1.1.2)
      omniauth (~> 1.0)
      omniauth-oauth2 (~> 1.1)
    omniauth-oauth2 (1.3.0)
      oauth2 (~> 1.0)
      omniauth (~> 1.2)
    paint (1.0.0)
    pg (0.18.2)
    plist (3.1.0)
    pry (0.10.1)
      coderay (~> 1.1.0)
      method_source (~> 0.8.1)
      slop (~> 3.4)
    pry (0.10.1-java)
      coderay (~> 1.1.0)
      method_source (~> 0.8.1)
      slop (~> 3.4)
      spoon (~> 0.0)
    pry-rails (0.3.4)
      pry (>= 0.9.10)
    rack (1.5.3)
    rack-cache (1.2)
      rack (>= 0.4)
    rack-test (0.6.3)
      rack (>= 1.0)
    rails (4.0.13)
      actionmailer (= 4.0.13)
      actionpack (= 4.0.13)
      activerecord (= 4.0.13)
      activesupport (= 4.0.13)
      bundler (>= 1.3.0, < 2.0)
      railties (= 4.0.13)
      sprockets-rails (~> 2.0)
    rails_javascript_helpers (1.5.1)
      rails (>= 2.3)
    railties (4.0.13)
      actionpack (= 4.0.13)
      activesupport (= 4.0.13)
      rake (>= 0.8.7)
      thor (>= 0.18.1, < 2.0)
    raindrops (0.13.0)
    rake (10.4.2)
    rdoc (4.2.0)
      json (~> 1.4)
    ref (1.0.5)
    rest-client (1.8.0)
      http-cookie (>= 1.0.2, < 2.0)
      mime-types (>= 1.16, < 3.0)
      netrc (~> 0.7)
    rspec (3.2.0)
      rspec-core (~> 3.2.0)
      rspec-expectations (~> 3.2.0)
      rspec-mocks (~> 3.2.0)
    rspec-core (3.2.3)
      rspec-support (~> 3.2.0)
    rspec-expectations (3.2.1)
      diff-lcs (>= 1.2.0, < 2.0)
      rspec-support (~> 3.2.0)
    rspec-its (1.2.0)
      rspec-core (>= 3.0.0)
      rspec-expectations (>= 3.0.0)
    rspec-mocks (3.2.1)
      diff-lcs (>= 1.2.0, < 2.0)
      rspec-support (~> 3.2.0)
    rspec-rails (3.2.1)
      actionpack (>= 3.0, < 4.3)
      activesupport (>= 3.0, < 4.3)
      railties (>= 3.0, < 4.3)
      rspec-core (~> 3.2.0)
      rspec-expectations (~> 3.2.0)
      rspec-mocks (~> 3.2.0)
      rspec-support (~> 3.2.0)
    rspec-support (3.2.2)
    rspec_junit_formatter (0.2.2)
      builder (< 4)
      rspec-core (>= 2, < 4, != 2.12.0)
    rubyzip (1.0.0)
    rye (0.9.13)
      annoy
      docile (>= 1.0.1)
      highline (>= 1.5.1)
      net-scp (>= 1.0.2)
      net-ssh (>= 2.0.13)
      sysinfo (>= 0.8.1)
    sass (3.2.19)
    sass-rails (4.0.5)
      railties (>= 4.0.0, < 5.0)
      sass (~> 3.2.2)
      sprockets (~> 2.8, < 3.0)
      sprockets-rails (~> 2.0)
    sawyer (0.6.0)
      addressable (~> 2.3.5)
      faraday (~> 0.8, < 0.10)
    sdoc (0.4.1)
      json (~> 1.7, >= 1.7.7)
      rdoc (~> 4.0)
    sequel (4.22.0)
    serverspec (2.17.0)
      multi_json
      rspec (~> 3.0)
      rspec-its
      specinfra (~> 2.32)
    sfn (0.3.8)
      bogo-cli (~> 0.1.16)
      miasma (~> 0.2.20)
      miasma-aws (~> 0.1.8)
      net-ssh
      sparkle_formation (>= 0.2.8)
    slack-notifier (1.2.1)
    slop (3.6.0)
    sparkle_builder (0.1.0)
      fog
      rails (~> 4.0.0)
      sparkle_formation
      sparkle_ui
    sparkle_formation (0.2.12)
      attribute_struct (~> 0.2.2)
      multi_json
    sparkle_ui (0.1.0)
      content_for_in_controllers
      fog
      knife-cloudformation
      rails (~> 4.0.0)
      sparkle_formation
      will_paginate
      will_paginate-bootstrap
      window_rails (~> 1.0)
    specinfra (2.34.4)
      net-scp
      net-ssh
    spoon (0.0.4)
      ffi
    sprockets (2.10.1)
      hike (~> 1.2)
      multi_json (~> 1.0)
      rack (~> 1.0)
      tilt (~> 1.1, != 1.3.0)
    sprockets-rails (2.3.1)
      actionpack (>= 3.0)
      activesupport (>= 3.0)
      sprockets (>= 2.8, < 4.0)
    storable (0.8.9)
    stripe (1.21.0)
      json (~> 1.8.1)
      rest-client (~> 1.4)
    sysinfo (0.8.1)
      drydock
      storable
    systemu (2.6.5)
    therubyracer (0.12.2)
      libv8 (~> 3.16.14.0)
      ref
    therubyrhino (2.0.4)
      therubyrhino_jar (>= 1.7.3)
    therubyrhino_jar (1.7.6)
    thor (0.19.1)
    thread_safe (0.3.5)
    thread_safe (0.3.5-java)
    tilt (1.4.1)
    timers (4.0.1)
      hitimes
    tzinfo (0.3.44)
    uber (0.0.13)
    uglifier (2.7.1)
      execjs (>= 0.3.0)
      json (>= 1.8.0)
    unf (0.1.4)
      unf_ext
    unf (0.1.4-java)
    unf_ext (0.0.7.1)
    unicorn (4.9.0)
      kgio (~> 2.6)
      rack
      raindrops (~> 0.7)
    uuidtools (2.1.5)
    warbler (1.4.0)
      jruby-jars (>= 1.5.6)
      jruby-rack (>= 1.0.0)
      rake (>= 0.9.6)
      rubyzip (>= 0.9, < 1.1)
    will_paginate (3.0.7)
    will_paginate-bootstrap (1.0.1)
      will_paginate (>= 3.0.3)
    window_rails (1.0.0)
      rails (>= 3.0)
      rails_javascript_helpers (~> 1.0)
    wmi-lite (1.0.0)
    xml-simple (1.1.5)
    xpath (2.0.0)
      nokogiri (~> 1.3)

PLATFORMS
  java
  ruby

DEPENDENCIES
  bootstrap-sass
  bootstrap3-datetimepicker-rails (~> 3.0.0)
  bootstrap_form
  capybara
  coffee-rails (~> 4.0.0)
  fission!
  fission-app!
  fission-app-configs!
  fission-app-docs!
  fission-app-jobs!
  fission-app-multiuser!
  fission-app-repositories!
  fission-app-routes!
  fission-app-services!
  fission-app-static!
  fission-app-stripe!
  fission-app-woodchuck!
  fission-assets!
  fission-data!
  fission-nellie!
  fission-package-builder!
  haml (>= 0.3.4)
  jackal-code-fetcher
  jackal-github-kit
  jackal-nellie
  jackal-slack
  jackal-stacks
  jbuilder (~> 1.2)
  jquery-rails
  jruby-rack (= 1.1.13.3)
  kramdown-rails
  momentjs-rails (~> 2.5.0)
  oauth_simple
  octokit
  pry-rails
  rails (~> 4.0.0)
  rouge!
  rspec-rails
  sass-rails (~> 4.0.0)
  sdoc
  sparkle_builder!
  sparkle_ui!
  sprockets (= 2.10.1)
  therubyracer
  therubyrhino
  uglifier (>= 1.3.0)
  unicorn
  warbler (= 1.4.0)
  will_paginate
  window_rails
