GIT
  remote: git://github.com/chrisroberts/risky.git
  revision: cc587609ae25fbe328fb1f55c50040332d0de94b
  branch: updates
  specs:
    risky (1.1.0)
      riak-client (~> 1.4.0)

GIT
  remote: git://github.com/chrisroberts/rouge.git
  revision: ae046ecb09e960822ea93d17fa49d28ff0aab7d4
  branch: fix/lazyload
  specs:
    rouge (1.3.1)

PATH
  remote: .
  specs:
    fission-app (0.1.1)
      content_for_in_controllers
      fission-data
      will_paginate
      will_paginate-bootstrap

PATH
  remote: ../fission
  specs:
    fission (0.1.1)
      celluloid (= 0.16.0.pre)
      childprocess
      hashie
      jackal
      mixlib-cli

PATH
  remote: ../fission-app-docs
  specs:
    fission-app-docs (0.1.0)
      kramdown

PATH
  remote: ../fission-app-jobs
  specs:
    fission-app-jobs (0.1.2)
      d3c3-rails
      fission-app
      fission-app-multiuser

PATH
  remote: ../fission-app-multiuser
  specs:
    fission-app-multiuser (0.1.0)
      fission-app
      fission-data
      omniauth (~> 1.1)
      omniauth-github

PATH
  remote: ../fission-app-sparkles
  specs:
    fission-app-sparkles (0.1.0)
      sparkle_builder
      sparkle_ui

PATH
  remote: ../fission-app-static
  specs:
    fission-app-static (0.1.1)
      fission-app
      kramdown-rails

PATH
  remote: ../fission-app-stripe
  specs:
    fission-app-stripe (0.2.0)
      kramdown
      rails (~> 4.0.0)
      stripe

PATH
  remote: ../fission-app-woodchuck
  specs:
    fission-app-woodchuck (0.1.0)

PATH
  remote: ../fission-data
  specs:
    fission-data (0.1.1)
      hashie
      pg
      risky
      sequel

PATH
  remote: /home/spox/Projects/chrisroberts/carnivore/carnivore
  specs:
    carnivore (0.2.11)
      celluloid
      hashie
      mixlib-config
      multi_json

PATH
  remote: /home/spox/Projects/chrisroberts/fog
  specs:
    fog (1.23.0)
      fog-brightbox
      fog-core (~> 1.23)
      fog-json
      fog-softlayer
      ipaddress (~> 0.5)
      nokogiri (~> 1.5, >= 1.5.11)

PATH
  remote: /home/spox/Projects/chrisroberts/fog-core
  specs:
    fog-core (1.24.0)
      builder
      excon (~> 0.38)
      formatador (~> 0.2)
      mime-types
      net-scp (~> 1.1)
      net-ssh (>= 2.1.3)

PATH
  remote: /home/spox/Projects/chrisroberts/knife-cloudformation
  specs:
    knife-cloudformation (0.1.23)
      attribute_struct (~> 0.2.0)
      chef
      fog (~> 1.17)
      net-sftp
      redis-objects
      sparkle_formation (~> 0.2.0)
      unf

PATH
  remote: /home/spox/Projects/chrisroberts/kramdown-rails
  specs:
    kramdown-rails (0.1.2)
      kramdown

PATH
  remote: /home/spox/Projects/chrisroberts/sparkle_builder
  specs:
    sparkle_builder (0.1.0)
      fog
      rails (~> 4.0.0)
      sparkle_formation
      sparkle_ui

PATH
  remote: /home/spox/Projects/chrisroberts/sparkle_formation
  specs:
    sparkle_formation (0.2.1)
      attribute_struct (~> 0.2.2)
      multi_json

PATH
  remote: /home/spox/Projects/chrisroberts/sparkle_ui
  specs:
    sparkle_ui (0.1.0)
      content_for_in_controllers
      fog
      knife-cloudformation
      rails (~> 4.0.0)
      sparkle_formation
      will_paginate
      will_paginate-bootstrap
      window_rails (~> 1.0)

PATH
  remote: /home/spox/Projects/chrisroberts/window_rails
  specs:
    window_rails (1.0.0)
      rails (>= 3.0)
      rails_javascript_helpers (~> 1.0)

GEM
  remote: https://rubygems.org/
  specs:
    actionmailer (4.0.0)
      actionpack (= 4.0.0)
      mail (~> 2.5.3)
    actionpack (4.0.0)
      activesupport (= 4.0.0)
      builder (~> 3.1.0)
      erubis (~> 2.7.0)
      rack (~> 1.5.2)
      rack-test (~> 0.6.2)
    activemodel (4.0.0)
      activesupport (= 4.0.0)
      builder (~> 3.1.0)
    activerecord (4.0.0)
      activemodel (= 4.0.0)
      activerecord-deprecated_finders (~> 1.0.2)
      activesupport (= 4.0.0)
      arel (~> 4.0.0)
    activerecord-deprecated_finders (1.0.3)
    activesupport (4.0.0)
      i18n (~> 0.6, >= 0.6.4)
      minitest (~> 4.2)
      multi_json (~> 1.3)
      thread_safe (~> 0.1)
      tzinfo (~> 0.3.37)
    addressable (2.3.6)
    arel (4.0.2)
    attribute_struct (0.2.4)
      hashie (>= 2.0.0)
    bcrypt-ruby (3.0.1)
    bcrypt-ruby (3.0.1-java)
    beefcake (0.3.7)
    bootstrap-sass (3.1.1.0)
      sass (~> 3.2)
    bootstrap3-datetimepicker-rails (3.0.0.1)
      momentjs-rails (~> 2.5.0)
    builder (3.1.4)
    capybara (2.2.1)
      mime-types (>= 1.16)
      nokogiri (>= 1.3.3)
      rack (>= 1.0.0)
      rack-test (>= 0.5.4)
      xpath (~> 2.0)
    celluloid (0.16.0.pre)
      timers (~> 2.0.0)
    chef (11.12.8)
      chef-zero (>= 2.0.2, < 2.1)
      diff-lcs (~> 1.2, >= 1.2.4)
      erubis (~> 2.7)
      highline (~> 1.6, >= 1.6.9)
      json (>= 1.4.4, <= 1.8.1)
      mime-types (~> 1.16)
      mixlib-authentication (~> 1.3)
      mixlib-cli (~> 1.4)
      mixlib-config (~> 2.0)
      mixlib-log (~> 1.3)
      mixlib-shellout (~> 1.4)
      net-ssh (~> 2.6)
      net-ssh-multi (~> 1.1)
      ohai (~> 7.0.4)
      pry (~> 0.9)
      rest-client (>= 1.0.4, < 1.7.0)
      yajl-ruby (~> 1.1)
    chef-zero (2.0.2)
      hashie (~> 2.0)
      json
      mixlib-log (~> 1.3)
      rack
    childprocess (0.5.3)
      ffi (~> 1.0, >= 1.0.11)
    coderay (1.1.0)
    coffee-rails (4.0.1)
      coffee-script (>= 2.2.0)
      railties (>= 4.0.0, < 5.0)
    coffee-script (2.2.0)
      coffee-script-source
      execjs
    coffee-script-source (1.7.0)
    content_for_in_controllers (0.0.2)
    d3c3-rails (0.1.0)
      rails (>= 4.0)
      rails_javascript_helpers (~> 1.0)
    diff-lcs (1.2.5)
    erubis (2.7.0)
    excon (0.39.5)
    execjs (2.0.2)
    faraday (0.9.0)
      multipart-post (>= 1.2, < 3)
    ffi (1.9.3)
    ffi (1.9.3-java)
    fog-brightbox (0.1.1)
      fog-core (~> 1.22)
      fog-json
      inflecto
    fog-json (1.0.0)
      multi_json (~> 1.0)
    fog-softlayer (0.3.11)
      fog-core
      fog-json
    formatador (0.2.5)
    haml (4.0.5)
      tilt
    hashie (2.1.0)
    highline (1.6.21)
    hike (1.2.3)
    hitimes (1.2.1)
    hitimes (1.2.1-java)
    i18n (0.6.9)
    inflecto (0.0.2)
    innertube (1.0.2)
    ipaddress (0.8.0)
    jackal (0.1.8)
      carnivore
      mixlib-cli
    jbuilder (1.5.3)
      activesupport (>= 3.0.0)
      multi_json (>= 1.2.0)
    jquery-rails (3.1.0)
      railties (>= 3.0, < 5.0)
      thor (>= 0.14, < 2.0)
    jruby-jars (1.7.11)
    jruby-rack (1.1.13.3)
    json (1.8.1)
    json (1.8.1-java)
    jwt (1.0.0)
    kgio (2.9.2)
    kramdown (1.4.1)
    libv8 (3.16.14.3)
    mail (2.5.4)
      mime-types (~> 1.16)
      treetop (~> 1.4.8)
    method_source (0.8.2)
    mime-types (1.25.1)
    mini_portile (0.5.3)
    minitest (4.7.5)
    mixlib-authentication (1.3.0)
      mixlib-log
    mixlib-cli (1.5.0)
    mixlib-config (2.1.0)
    mixlib-log (1.6.0)
    mixlib-shellout (1.4.0)
    momentjs-rails (2.5.1)
      railties (>= 3.1)
    multi_json (1.9.2)
    multi_xml (0.5.5)
    multipart-post (2.0.0)
    net-scp (1.2.1)
      net-ssh (>= 2.6.5)
    net-sftp (2.1.2)
      net-ssh (>= 2.6.5)
    net-ssh (2.9.1)
    net-ssh-gateway (1.2.0)
      net-ssh (>= 2.6.5)
    net-ssh-multi (1.2.0)
      net-ssh (>= 2.6.5)
      net-ssh-gateway (>= 1.2.0)
    nokogiri (1.6.1)
      mini_portile (~> 0.5.0)
    nokogiri (1.6.1-java)
      mini_portile (~> 0.5.0)
    oauth2 (0.9.4)
      faraday (>= 0.8, < 0.10)
      jwt (~> 1.0)
      multi_json (~> 1.3)
      multi_xml (~> 0.5)
      rack (~> 1.2)
    oauth_simple (0.1.0.pre)
    octokit (3.0.0)
      sawyer (~> 0.5.3)
    ohai (7.0.4)
      ipaddress
      mime-types (~> 1.16)
      mixlib-cli
      mixlib-config (~> 2.0)
      mixlib-log
      mixlib-shellout (~> 1.2)
      systemu (~> 2.5.2)
      yajl-ruby
    omniauth (1.2.1)
      hashie (>= 1.2, < 3)
      rack (~> 1.0)
    omniauth-github (1.1.2)
      omniauth (~> 1.0)
      omniauth-oauth2 (~> 1.1)
    omniauth-oauth2 (1.1.2)
      faraday (>= 0.8, < 0.10)
      multi_json (~> 1.3)
      oauth2 (~> 0.9.3)
      omniauth (~> 1.2)
    pg (0.17.0)
    polyglot (0.3.4)
    pry (0.9.12.6)
      coderay (~> 1.0)
      method_source (~> 0.8)
      slop (~> 3.4)
    pry (0.9.12.6-java)
      coderay (~> 1.0)
      method_source (~> 0.8)
      slop (~> 3.4)
      spoon (~> 0.0)
    pry-rails (0.3.2)
      pry (>= 0.9.10)
    rack (1.5.2)
    rack-test (0.6.2)
      rack (>= 1.0)
    rails (4.0.0)
      actionmailer (= 4.0.0)
      actionpack (= 4.0.0)
      activerecord (= 4.0.0)
      activesupport (= 4.0.0)
      bundler (>= 1.3.0, < 2.0)
      railties (= 4.0.0)
      sprockets-rails (~> 2.0.0)
    rails_javascript_helpers (1.5.1)
      rails (>= 2.3)
    railties (4.0.0)
      actionpack (= 4.0.0)
      activesupport (= 4.0.0)
      rake (>= 0.8.7)
      thor (>= 0.18.1, < 2.0)
    raindrops (0.13.0)
    rake (10.2.2)
    rdoc (4.1.1)
      json (~> 1.4)
    redis (3.1.0)
    redis-objects (0.9.1)
      redis (>= 3.0.2)
    ref (1.0.5)
    rest-client (1.6.7)
      mime-types (>= 1.16)
    riak-client (1.4.3)
      beefcake (~> 0.3.7)
      builder (>= 2.1.2)
      i18n (>= 0.4.0)
      innertube (~> 1.0.2)
      multi_json (~> 1.0)
    rspec-core (2.14.8)
    rspec-expectations (2.14.5)
      diff-lcs (>= 1.1.3, < 2.0)
    rspec-mocks (2.14.6)
    rspec-rails (2.14.2)
      actionpack (>= 3.0)
      activemodel (>= 3.0)
      activesupport (>= 3.0)
      railties (>= 3.0)
      rspec-core (~> 2.14.0)
      rspec-expectations (~> 2.14.0)
      rspec-mocks (~> 2.14.0)
    rubyzip (1.0.0)
    sass (3.2.19)
    sass-rails (4.0.3)
      railties (>= 4.0.0, < 5.0)
      sass (~> 3.2.0)
      sprockets (~> 2.8, <= 2.11.0)
      sprockets-rails (~> 2.0)
    sawyer (0.5.4)
      addressable (~> 2.3.5)
      faraday (~> 0.8, < 0.10)
    sdoc (0.4.0)
      json (~> 1.8)
      rdoc (~> 4.0, < 5.0)
    sequel (4.11.0)
    simple_form (3.0.2)
      actionpack (~> 4.0)
      activemodel (~> 4.0)
    slop (3.5.0)
    spoon (0.0.4)
      ffi
    sprockets (2.10.1)
      hike (~> 1.2)
      multi_json (~> 1.0)
      rack (~> 1.0)
      tilt (~> 1.1, != 1.3.0)
    sprockets-rails (2.0.1)
      actionpack (>= 3.0)
      activesupport (>= 3.0)
      sprockets (~> 2.8)
    stripe (1.13.0)
      json (~> 1.8.1)
      mime-types (~> 1.25)
      rest-client (~> 1.4)
    systemu (2.5.2)
    therubyracer (0.12.1)
      libv8 (~> 3.16.14.0)
      ref
    therubyrhino (2.0.3)
      therubyrhino_jar (>= 1.7.3)
    therubyrhino_jar (1.7.4)
    thor (0.19.1)
    thread_safe (0.3.3)
    thread_safe (0.3.3-java)
    tilt (1.4.1)
    timers (2.0.0)
      hitimes
    treetop (1.4.15)
      polyglot
      polyglot (>= 0.3.1)
    tzinfo (0.3.39)
    uglifier (2.5.0)
      execjs (>= 0.3.0)
      json (>= 1.8.0)
    unf (0.1.4)
      unf_ext
    unf (0.1.4-java)
    unf_ext (0.0.6)
    unicorn (4.8.2)
      kgio (~> 2.6)
      rack
      raindrops (~> 0.7)
    warbler (1.4.0)
      jruby-jars (>= 1.5.6)
      jruby-rack (>= 1.0.0)
      rake (>= 0.9.6)
      rubyzip (>= 0.9, < 1.1)
    will_paginate (3.0.5)
    will_paginate-bootstrap (1.0.1)
      will_paginate (>= 3.0.3)
    xpath (2.0.0)
      nokogiri (~> 1.3)
    yajl-ruby (1.2.0)

PLATFORMS
  java
  ruby

DEPENDENCIES
  bcrypt-ruby (~> 3.0.0)
  bootstrap-sass
  bootstrap3-datetimepicker-rails (~> 3.0.0)
  capybara
  carnivore!
  coffee-rails (~> 4.0.0)
  fission!
  fission-app!
  fission-app-docs!
  fission-app-jobs!
  fission-app-multiuser!
  fission-app-sparkles!
  fission-app-static!
  fission-app-stripe!
  fission-app-woodchuck!
  fission-data!
  fog!
  fog-core!
  haml (>= 0.3.4)
  jbuilder (~> 1.2)
  jquery-rails
  jruby-rack (= 1.1.13.3)
  knife-cloudformation!
  kramdown-rails!
  momentjs-rails (~> 2.5.0)
  oauth_simple
  octokit
  pg
  pry-rails
  rails (= 4.0.0)
  risky!
  rouge!
  rspec-rails
  sass-rails (~> 4.0.0)
  sdoc
  simple_form
  sparkle_builder!
  sparkle_formation!
  sparkle_ui!
  sprockets (= 2.10.1)
  therubyracer
  therubyrhino
  uglifier (>= 1.3.0)
  unicorn
  warbler (= 1.4.0)
  will_paginate
  window_rails!
